GEM
  remote: http://rubygems.org/
  specs:
    archive-tar-minitar (0.5.2)
    columnize (0.3.4)
    httparty (0.8.1)
      multi_json
      multi_xml
    linecache19 (0.5.12)
      ruby_core_source (>= 0.1.4)
    link_header (0.0.5)
    multi_json (1.0.3)
    multi_xml (0.4.1)
    octocat_herder (0.1.3)
      httparty (~> 0.8.0)
      link_header (~> 0.0.5)
    ruby-debug-base19 (0.11.25)
      columnize (>= 0.3.1)
      linecache19 (>= 0.5.11)
      ruby_core_source (>= 0.1.4)
    ruby-debug19 (0.11.6)
      columnize (>= 0.3.1)
      linecache19 (>= 0.5.11)
      ruby-debug-base19 (>= 0.11.19)
    ruby_core_source (0.1.5)
      archive-tar-minitar (>= 0.5.2)

PLATFORMS
  ruby

DEPENDENCIES
  octocat_herder
  ruby-debug19
